GEM
  remote: http://rubygems.org/
  specs:
    actionview (4.1.0.rc1)
      activesupport (= 4.1.0.rc1)
      builder (~> 3.1)
      erubis (~> 2.7.0)
    activesupport (4.1.0.rc1)
      i18n (~> 0.6, >= 0.6.9)
      json (~> 1.7, >= 1.7.7)
      minitest (~> 5.1)
      thread_safe (~> 0.1)
      tzinfo (~> 1.1)
    addressable (2.3.5)
    atomic (1.1.16)
    bitly (0.9.0)
      httparty (>= 0.7.6)
      multi_json (~> 1.3)
      oauth2 (>= 0.5.0, < 0.9)
    builder (3.2.2)
    cinch (2.0.4)
    cinch-identify (1.5.1)
      cinch (~> 2.0)
    data_objects (0.10.13)
      addressable (~> 2.1)
    dm-core (1.2.1)
      addressable (~> 2.3)
    dm-do-adapter (1.2.0)
      data_objects (~> 0.10.6)
      dm-core (~> 1.2.0)
    dm-migrations (1.2.0)
      dm-core (~> 1.2.0)
    dm-sqlite-adapter (1.2.0)
      dm-do-adapter (~> 1.2.0)
      do_sqlite3 (~> 0.10.6)
    dm-timestamps (1.2.0)
      dm-core (~> 1.2.0)
    do_sqlite3 (0.10.13)
      data_objects (= 0.10.13)
    erubis (2.7.0)
    faraday (0.8.8)
      multipart-post (~> 1.2.0)
    httparty (0.11.0)
      multi_json (~> 1.0)
      multi_xml (>= 0.5.2)
    httpauth (0.2.0)
    i18n (0.6.9)
    inifile (2.0.2)
    json (1.8.1)
    jwt (0.1.8)
      multi_json (>= 1.5)
    minitest (5.3.1)
    multi_json (1.8.0)
    multi_xml (0.5.5)
    multipart-post (1.2.0)
    oauth2 (0.8.1)
      faraday (~> 0.8)
      httpauth (~> 0.1)
      jwt (~> 0.1.4)
      multi_json (~> 1.0)
      rack (~> 1.2)
    pastie-api (0.2.1)
    rack (1.5.2)
    sqlite3 (1.3.8)
    thread_safe (0.2.0)
      atomic (>= 1.1.7, < 2)
    tzinfo (1.1.0)
      thread_safe (~> 0.1)

PLATFORMS
  ruby

DEPENDENCIES
  actionview
  bitly
  cinch
  cinch-identify
  dm-core
  dm-migrations
  dm-sqlite-adapter
  dm-timestamps
  inifile
  pastie-api
  sqlite3
